GEM
  remote: http://rubygems.org/
  specs:
    bourbon (3.0.1)
      sass (>= 3.2.0)
      thor
    neat (1.1.0)
      bourbon (>= 2.1)
      sass (>= 3.2)
    sass (3.2.5)
    thor (0.16.0)

PLATFORMS
  ruby

DEPENDENCIES
  neat
  sass
