GEM
  remote: http://rubygems.org/
  specs:
    bourbon (3.0.1)
      sass (>= 3.2.0)
      thor
    sass (3.2.5)
    thor (0.16.0)

PLATFORMS
  ruby

DEPENDENCIES
  bourbon
  sass
